GEM
  remote: https://rubygems.org/
  specs:
    addressable (2.3.4)
    blend-mode (0.0.1)
      compass (~> 0.12)
    breakpoint (2.0.5)
      compass (>= 0.12.1)
      sass (>= 3.2.0)
    chunky_png (1.2.8)
    color-schemer (0.2.3)
      blend-mode (~> 0.0.1)
      compass (~> 0.12)
    compass (0.12.2)
      chunky_png (~> 1.2)
      fssm (>= 0.2.7)
      sass (~> 3.1)
    compass-aurora (3.0.6)
      bundler (>= 1.3.5)
      compass (>= 0.12.2)
      compass-normalize (>= 1.4.3)
      css_parser (>= 1.3.4)
      sassy-buttons (>= 0.1.4)
      toolkit (>= 0.3.0)
    compass-normalize (1.4.3)
      compass (>= 0.12.0)
    css_parser (1.3.4)
      addressable
    fssm (0.2.10)
    sass (3.2.9)
    sassy-buttons (0.1.4)
      compass (>= 0.12.2)
      sass (>= 3.2.0)
    sassy-strings (0.3.1)
      compass (>= 0.12.2)
    singularitygs (1.0.8)
      breakpoint (>= 2.0.1)
      compass (>= 0.12.2)
      sass (>= 3.2.1)
    toolkit (1.0.0)
      breakpoint (>= 2.0.2)
      color-schemer (>= 0.2.3)
      compass (>= 0.12.2)
      sassy-strings (>= 0.1)
      singularitygs (>= 1.0.7)

PLATFORMS
  ruby

DEPENDENCIES
  breakpoint (~> 2.0.2)
  compass-aurora (~> 3.0.0)
  compass-normalize (~> 1.4.3)
  css_parser (~> 1.3.4)
  sassy-buttons (~> 0.1.4)
  singularitygs (~> 1.0.7)
  toolkit (~> 1.0.0)
